GEM
  specs:
    autoprefixer-rails (6.3.6.2)
      execjs
    bootstrap-sass (3.3.6)
      autoprefixer-rails (>= 5.2.1)
      sass (>= 3.3.4)
    execjs (2.7.0)
    puma (3.4.0)
    sass (3.4.22)

PLATFORMS
  ruby

DEPENDENCIES
  bootstrap-sass
  puma

BUNDLED WITH
   1.12.5
